GEM
  remote: https://rubygems.org/
  specs:
    hike (1.2.3)
    json (1.8.0)
    multi_json (1.8.0)
    opal (0.4.4)
      source_map
    opal-jquery (0.0.13)
      opal (>= 0.4.4)
    opal-sprockets (0.2.0)
      opal (~> 0.4.4)
      sprockets
    rack (1.5.2)
    source_map (3.0.1)
      json
    sprockets (2.10.0)
      hike (~> 1.2)
      multi_json (~> 1.0)
      rack (~> 1.0)
      tilt (~> 1.1, != 1.3.0)
    tilt (1.4.1)

PLATFORMS
  ruby

DEPENDENCIES
  opal
  opal-jquery
  opal-sprockets
