GEM
  remote: https://rubygems.org/
  specs:
    chunky_png (1.2.8)
    compass (0.12.2)
      chunky_png (~> 1.2)
      fssm (>= 0.2.7)
      sass (~> 3.1)
    fssm (0.2.10)
    hike (1.2.3)
    json (1.8.0)
    multi_json (1.8.0)
    opal (0.4.4)
      source_map
    opal-jquery (0.0.13)
      opal (>= 0.4.4)
    opal-sprockets (0.2.0)
      opal (~> 0.4.4)
      sprockets
    rack (1.5.2)
    sass (3.2.10)
    source_map (3.0.1)
      json
    sprockets (2.10.0)
      hike (~> 1.2)
      multi_json (~> 1.0)
      rack (~> 1.0)
      tilt (~> 1.1, != 1.3.0)
    tilt (1.4.1)

PLATFORMS
  ruby

DEPENDENCIES
  compass
  json
  opal
  opal-jquery
  opal-sprockets
  sass
